PATH
  remote: .
  specs:
    albatroz (0.0.2)
      filewatcher (~> 0.5, >= 0.5.3)
      sinatra (~> 1.4, >= 1.4.7)
      sinatra-websocket (~> 0.3, >= 0.3.1)

GEM
  remote: https://rubygems.org/
  specs:
    addressable (2.5.0)
      public_suffix (~> 2.0, >= 2.0.2)
    daemons (1.2.4)
    em-websocket (0.3.8)
      addressable (>= 2.1.1)
      eventmachine (>= 0.12.9)
    eventmachine (1.2.0.1)
    filewatcher (0.5.3)
      trollop (~> 2.0)
    public_suffix (2.0.3)
    rack (1.6.4)
    rack-protection (1.5.3)
      rack
    sinatra (1.4.7)
      rack (~> 1.5)
      rack-protection (~> 1.4)
      tilt (>= 1.3, < 3)
    sinatra-websocket (0.3.1)
      em-websocket (~> 0.3.6)
      eventmachine
      thin (>= 1.3.1, < 2.0.0)
    thin (1.7.0)
      daemons (~> 1.0, >= 1.0.9)
      eventmachine (~> 1.0, >= 1.0.4)
      rack (>= 1, < 3)
    tilt (2.0.5)
    trollop (2.1.2)

PLATFORMS
  ruby

DEPENDENCIES
  albatroz!

BUNDLED WITH
   1.10.6
